PATH
  remote: ..
  specs:
    nina (0.1.0)
      rack

GEM
  remote: https://www.rubygems.org/
  specs:
    rack (2.0.3)

PLATFORMS
  ruby

DEPENDENCIES
  nina!

BUNDLED WITH
   1.15.3
